GEM
  remote: https://rubygems.org/
  specs:
    activesupport (3.2.12)
      i18n (~> 0.6)
      multi_json (~> 1.0)
    daemons (1.1.9)
    eventmachine (1.0.3)
    faraday (0.8.6)
      multipart-post (~> 1.1)
    faraday-http-cache (0.1.1)
      activesupport (~> 3.0)
      faraday (~> 0.8)
      multi_json (~> 1.3)
    faraday_middleware (0.9.0)
      faraday (>= 0.7.4, < 0.9)
    foreman (0.62.0)
      thor (>= 0.13.6)
    i18n (0.6.4)
    multi_json (1.6.1)
    multipart-post (1.2.0)
    rack (1.5.2)
    rack-protection (1.4.0)
      rack
    redis (3.0.3)
    redis-activesupport (3.2.3)
      activesupport (~> 3.2.3)
      redis-store (~> 1.1.0)
    redis-store (1.1.3)
      redis (>= 2.2.0)
    sinatra (1.3.5)
      rack (~> 1.4)
      rack-protection (~> 1.3)
      tilt (~> 1.3, >= 1.3.3)
    thin (1.5.0)
      daemons (>= 1.0.9)
      eventmachine (>= 0.12.6)
      rack (>= 1.0.0)
    thor (0.17.0)
    tilt (1.3.5)

PLATFORMS
  ruby

DEPENDENCIES
  faraday
  faraday-http-cache
  faraday_middleware
  foreman
  redis-activesupport
  sinatra
  thin
